GEM
  remote: https://rubygems.org/
  specs:
    rainbow (2.0.0)
    sass (3.3.14)
    scss-lint (0.26.2)
      rainbow (~> 2.0)
      sass (~> 3.3.0, >= 3.3.7)

PLATFORMS
  ruby

DEPENDENCIES
  sass
  scss-lint

BUNDLED WITH
   1.10.4
